GEM
  remote: https://rubygems.org/
  specs:
    ffi (1.17.2-x86_64-darwin)
    jekyll-watch (2.2.1)
      listen (~> 3.0)
    kramdown (2.5.1)
      rexml (>= 3.3.9)
    kramdown-parser-gfm (1.1.0)
      kramdown (~> 2.0)
    listen (3.9.0)
      rb-fsevent (~> 0.10, >= 0.10.3)
      rb-inotify (~> 0.9, >= 0.9.10)
    rb-fsevent (0.11.2)
    rb-inotify (0.11.1)
      ffi (~> 1.0)
    rexml (3.4.4)

PLATFORMS
  x86_64-darwin-22

DEPENDENCIES
  jekyll-watch (~> 2.2)
  kramdown-parser-gfm (~> 1.1)

BUNDLED WITH
   2.4.22
